GEM
  remote: https://rubygems.org/
  specs:
    rufo (0.12.0)

PLATFORMS
  ruby

DEPENDENCIES
  rufo

BUNDLED WITH
   2.2.15
