GEM
  remote: https://rubygems.org/
  specs:
    rufo (0.13.0)

PLATFORMS
  ruby

DEPENDENCIES
  rufo

BUNDLED WITH
   2.2.22
