GEM
  remote: https://rubygems.org/
  specs:
    ripper-tags (0.9.0)
    rufo (0.12.0)

PLATFORMS
  ruby

DEPENDENCIES
  ripper-tags
  rufo

BUNDLED WITH
   2.1.2
